GEM
  remote: https://rubygems.org/
  specs:
    activesupport (6.1.4)
      concurrent-ruby (~> 1.0, >= 1.0.2)
      i18n (>= 1.6, < 2)
      minitest (>= 5.1)
      tzinfo (~> 2.0)
      zeitwerk (~> 2.3)
    addressable (2.7.0)
      public_suffix (>= 2.0.2, < 5.0)
    ast (2.4.2)
    async (1.29.1)
      console (~> 1.10)
      nio4r (~> 2.3)
      timers (~> 4.1)
    async-http (0.56.3)
      async (~> 1.25)
      async-io (~> 1.28)
      async-pool (~> 0.2)
      protocol-http (~> 0.22.0)
      protocol-http1 (~> 0.14.0)
      protocol-http2 (~> 0.14.0)
    async-http-faraday (0.11.0)
      async-http (~> 0.42)
      faraday
    async-io (1.32.1)
      async (~> 1.14)
    async-pool (0.3.7)
      async (~> 1.25)
    coderay (1.1.3)
    concurrent-ruby (1.1.9)
    console (1.13.1)
      fiber-local
    crack (0.4.5)
      rexml
    diff-lcs (1.4.4)
    faraday (1.4.3)
      faraday-em_http (~> 1.0)
      faraday-em_synchrony (~> 1.0)
      faraday-excon (~> 1.1)
      faraday-net_http (~> 1.0)
      faraday-net_http_persistent (~> 1.1)
      multipart-post (>= 1.2, < 3)
      ruby2_keywords (>= 0.0.4)
    faraday-em_http (1.0.0)
    faraday-em_synchrony (1.0.0)
    faraday-excon (1.1.0)
    faraday-http-cache (2.2.0)
      faraday (>= 0.8)
    faraday-net_http (1.0.1)
    faraday-net_http_persistent (1.1.0)
    fiber-local (1.0.0)
    github_changelog_generator (1.16.4)
      activesupport
      async (>= 1.25.0)
      async-http-faraday
      faraday-http-cache
      multi_json
      octokit (~> 4.6)
      rainbow (>= 2.2.1)
      rake (>= 10.0)
    hashdiff (1.0.1)
    i18n (1.8.10)
      concurrent-ruby (~> 1.0)
    json (2.5.1)
    method_source (1.0.0)
    minitest (5.14.4)
    multi_json (1.15.0)
    multipart-post (2.1.1)
    nio4r (2.5.7)
    octokit (4.21.0)
      faraday (>= 0.9)
      sawyer (~> 0.8.0, >= 0.5.3)
    parallel (1.20.1)
    parser (3.0.1.1)
      ast (~> 2.4.1)
    protocol-hpack (1.4.2)
    protocol-http (0.22.4)
    protocol-http1 (0.14.1)
      protocol-http (~> 0.22)
    protocol-http2 (0.14.2)
      protocol-hpack (~> 1.4)
      protocol-http (~> 0.18)
    pry (0.14.1)
      coderay (~> 1.1)
      method_source (~> 1.0)
    public_suffix (4.0.6)
    rainbow (3.0.0)
    rake (13.0.3)
    regexp_parser (2.1.1)
    rexml (3.2.5)
    rspec (3.10.0)
      rspec-core (~> 3.10.0)
      rspec-expectations (~> 3.10.0)
      rspec-mocks (~> 3.10.0)
    rspec-core (3.10.1)
      rspec-support (~> 3.10.0)
    rspec-expectations (3.10.1)
      diff-lcs (>= 1.2.0, < 2.0)
      rspec-support (~> 3.10.0)
    rspec-mocks (3.10.2)
      diff-lcs (>= 1.2.0, < 2.0)
      rspec-support (~> 3.10.0)
    rspec-support (3.10.2)
    rubocop (1.18.1)
      parallel (~> 1.10)
      parser (>= 3.0.0.0)
      rainbow (>= 2.2.2, < 4.0)
      regexp_parser (>= 1.8, < 3.0)
      rexml
      rubocop-ast (>= 1.7.0, < 2.0)
      ruby-progressbar (~> 1.7)
      unicode-display_width (>= 1.4.0, < 3.0)
    rubocop-ast (1.7.0)
      parser (>= 3.0.1.1)
    rubocop-performance (1.11.2)
      rubocop (>= 1.7.0, < 2.0)
      rubocop-ast (>= 0.4.0)
    ruby-progressbar (1.11.0)
    ruby2_keywords (0.0.4)
    sawyer (0.8.2)
      addressable (>= 2.3.5)
      faraday (> 0.8, < 2.0)
    standard (1.1.3)
      rubocop (= 1.18.1)
      rubocop-performance (= 1.11.2)
    timers (4.3.3)
    tzinfo (2.0.4)
      concurrent-ruby (~> 1.0)
    unicode-display_width (2.0.0)
    webmock (3.13.0)
      addressable (>= 2.3.6)
      crack (>= 0.3.2)
      hashdiff (>= 0.4.0, < 2.0.0)
    zeitwerk (2.4.2)

PLATFORMS
  ruby

DEPENDENCIES
  github_changelog_generator (~> 1.16, >= 1.16.4)
  json (~> 2.5, >= 2.5.1)
  pry (~> 0.14.1)
  rspec (~> 3.10)
  standard (~> 1.1, >= 1.1.3)
  webmock (~> 3.13)

BUNDLED WITH
   2.2.21
